GEM
  remote: https://rubygems.org/
  specs:
    addressable (2.3.8)
    ast (2.4.0)
    dotenv (2.0.2)
    faraday (0.9.2)
      multipart-post (>= 1.2, < 3)
    jaro_winkler (1.5.2)
    multipart-post (2.0.0)
    net-ldap (0.13.0)
    octokit (4.2.0)
      sawyer (~> 0.6.0, >= 0.5.3)
    parallel (1.17.0)
    parser (2.6.3.0)
      ast (~> 2.4.0)
    rainbow (3.0.0)
    rubocop (0.70.0)
      jaro_winkler (~> 1.5.1)
      parallel (~> 1.10)
      parser (>= 2.6)
      rainbow (>= 2.2.2, < 4.0)
      ruby-progressbar (~> 1.7)
      unicode-display_width (>= 1.4.0, < 1.7)
    ruby-progressbar (1.10.0)
    saklient (0.0.9)
    sawyer (0.6.0)
      addressable (~> 2.3.5)
      faraday (~> 0.8, < 0.10)
    slack-notifier (1.5.1)
    unicode-display_width (1.6.0)

PLATFORMS
  ruby

DEPENDENCIES
  dotenv (~> 2.0.0)
  net-ldap (~> 0.13.0)
  octokit (~> 4.2.0)
  rubocop (~> 0.70.0)
  saklient (~> 0.0.6)
  slack-notifier (~> 1.5.0)

BUNDLED WITH
   1.16.1
