GEM
  remote: https://rubygems.org/
  specs:
    addressable (2.3.8)
    ast (2.4.0)
    astrolabe (1.3.1)
      parser (~> 2.2)
    dotenv (2.0.2)
    faraday (0.9.2)
      multipart-post (>= 1.2, < 3)
    multipart-post (2.0.0)
    net-ldap (0.16.1)
    octokit (4.2.0)
      sawyer (~> 0.6.0, >= 0.5.3)
    parser (2.6.3.0)
      ast (~> 2.4.0)
    powerpack (0.1.1)
    rainbow (2.2.2)
      rake
    rake (12.3.1)
    rubocop (0.35.1)
      astrolabe (~> 1.3)
      parser (>= 2.2.3.0, < 3.0)
      powerpack (~> 0.1)
      rainbow (>= 1.99.1, < 3.0)
      ruby-progressbar (~> 1.7)
      tins (<= 1.6.0)
    ruby-progressbar (1.9.0)
    saklient (0.0.9)
    sawyer (0.6.0)
      addressable (~> 2.3.5)
      faraday (~> 0.8, < 0.10)
    slack-notifier (1.5.1)
    tins (1.6.0)

PLATFORMS
  ruby

DEPENDENCIES
  dotenv (~> 2.0.0)
  net-ldap (~> 0.16.1)
  octokit (~> 4.2.0)
  rubocop (~> 0.35.0)
  saklient (~> 0.0.6)
  slack-notifier (~> 1.5.0)

BUNDLED WITH
   1.16.1
